PATH
  remote: .
  specs:
    accme_lib (0.0.1)

GEM
  remote: https://rubygems.org/
  specs:

PLATFORMS
  ruby

DEPENDENCIES
  accme_lib!

BUNDLED WITH
   1.13.6
